{
    "CapManufacturer": "EasyCap",
    "CapManufacturersModelName": "Standard 128Ch actiCAP snap",
    "EEGChannelCount": 58.0,
    "EEGPlacementScheme": "10-20",
    "EEGReference": "online reference: FCz; offline reference: average mastoids",
    "EOGChannelCount": 2.0,
    "EpochLength": 5.04,
    "InstitutionAddress": "Palazzo del Broletto, Piazza della Vittoria 15, 27100 Pavia, Italy",
    "InstitutionName": "University School for Advanced Studies IUSS",
    "InstitutionalDepartmentName": "Laboratory of Neurolinguistics and Experimental Pragmatics (NEPLab)",
    "Manufacturer": "2023 Brain Products GmbH",
    "ManufacturersModelName": "actiCHamp Plus",
    "PowerLineFrequency": 50.0,
    "RecordingDuration": 1693.44,
    "RecordingType": "epoched",
    "SamplingFrequency": 1000.0,
    "SoftwareFilters": "n/a",
    "SoftwareVersions": "BrainVision Recorder v. 1.25.02.02; MATLABÂ® v. R2024a Update 5 (24.1.0.2653294); EEGLAB v. 2024.0; Fieldtrip v. 20241025",
    "TaskDescription": "Subjects were presented with a picture either matching or mismatching with a preceding cue: i) another picture (Physical), ii) an adjective prompting mental imagery (Imagery), iii) a literal description (Literal), iv) a metaphorical description (Metaphorical)",
    "TaskName": "picturematching"
}